GEM
  remote: https://rubygems.org/
  specs:
    activemodel (3.2.13)
      activesupport (= 3.2.13)
      builder (~> 3.0.0)
    activerecord (3.2.13)
      activemodel (= 3.2.13)
      activesupport (= 3.2.13)
      arel (~> 3.0.2)
      tzinfo (~> 0.3.29)
    activerecord-import (0.3.1)
      activerecord (~> 3.0)
      activerecord (~> 3.0)
    activerecord-mysql2-adapter (0.0.3)
      mysql2
    activesupport (3.2.13)
      i18n (= 0.6.1)
      multi_json (~> 1.0)
    arel (3.0.2)
    builder (3.0.4)
    cmdparse (2.0.5)
    hpricot (0.8.6)
    i18n (0.6.1)
    json (1.7.7)
    libxml-ruby (2.6.0)
    log4r (1.1.10)
    multi_json (1.7.2)
    mysql2 (0.3.11)
    ruby-ole (1.2.11.6)
    spreadsheet (0.8.5)
      ruby-ole (>= 1.0)
    tzinfo (0.3.37)

PLATFORMS
  ruby

DEPENDENCIES
  activerecord
  activerecord-import
  activerecord-mysql2-adapter
  cmdparse
  hpricot
  json
  libxml-ruby
  log4r
  spreadsheet
